PATH
  remote: .
  specs:
    ebisu (0.8.70)
      breadcrumbs_on_rails
      browser
      cocoon
      devise
      dragonfly (~> 1.1.3)
      dragonfly-s3_data_store
      draper
      ebisu_admin
      impressionist (~> 1.6)
      kaminari
      meta-tags
      mime-types
      pundit
      rails (>= 5.1.3)
      ranked-model
      rolify
      ruby-oembed
      sass-rails (~> 5.0)
      slim-rails

PATH
  remote: ebisu_admin
  specs:
    ebisu_admin (0.5.0)
      font-awesome-rails
      jquery-rails
      jquery-ui-rails
      kaminari
      rails (>= 5.1.4)
      rails-i18n
      ransack
      select2-rails

GEM
  remote: https://rubygems.org/
  specs:
    actioncable (7.0.3.1)
      actionpack (= 7.0.3.1)
      activesupport (= 7.0.3.1)
      nio4r (~> 2.0)
      websocket-driver (>= 0.6.1)
    actionmailbox (7.0.3.1)
      actionpack (= 7.0.3.1)
      activejob (= 7.0.3.1)
      activerecord (= 7.0.3.1)
      activestorage (= 7.0.3.1)
      activesupport (= 7.0.3.1)
      mail (>= 2.7.1)
      net-imap
      net-pop
      net-smtp
    actionmailer (7.0.3.1)
      actionpack (= 7.0.3.1)
      actionview (= 7.0.3.1)
      activejob (= 7.0.3.1)
      activesupport (= 7.0.3.1)
      mail (~> 2.5, >= 2.5.4)
      net-imap
      net-pop
      net-smtp
      rails-dom-testing (~> 2.0)
    actionpack (7.0.3.1)
      actionview (= 7.0.3.1)
      activesupport (= 7.0.3.1)
      rack (~> 2.0, >= 2.2.0)
      rack-test (>= 0.6.3)
      rails-dom-testing (~> 2.0)
      rails-html-sanitizer (~> 1.0, >= 1.2.0)
    actiontext (7.0.3.1)
      actionpack (= 7.0.3.1)
      activerecord (= 7.0.3.1)
      activestorage (= 7.0.3.1)
      activesupport (= 7.0.3.1)
      globalid (>= 0.6.0)
      nokogiri (>= 1.8.5)
    actionview (7.0.3.1)
      activesupport (= 7.0.3.1)
      builder (~> 3.1)
      erubi (~> 1.4)
      rails-dom-testing (~> 2.0)
      rails-html-sanitizer (~> 1.1, >= 1.2.0)
    activejob (7.0.3.1)
      activesupport (= 7.0.3.1)
      globalid (>= 0.3.6)
    activemodel (7.0.3.1)
      activesupport (= 7.0.3.1)
    activemodel-serializers-xml (1.0.2)
      activemodel (> 5.x)
      activesupport (> 5.x)
      builder (~> 3.1)
    activerecord (7.0.3.1)
      activemodel (= 7.0.3.1)
      activesupport (= 7.0.3.1)
    activestorage (7.0.3.1)
      actionpack (= 7.0.3.1)
      activejob (= 7.0.3.1)
      activerecord (= 7.0.3.1)
      activesupport (= 7.0.3.1)
      marcel (~> 1.0)
      mini_mime (>= 1.1.0)
    activesupport (7.0.3.1)
      concurrent-ruby (~> 1.0, >= 1.0.2)
      i18n (>= 1.6, < 2)
      minitest (>= 5.1)
      tzinfo (~> 2.0)
    addressable (2.8.0)
      public_suffix (>= 2.0.2, < 5.0)
    bcrypt (3.1.18)
    breadcrumbs_on_rails (4.1.0)
      railties (>= 5.0)
    browser (5.3.1)
    builder (3.2.4)
    cocoon (1.2.15)
    concurrent-ruby (1.1.10)
    crass (1.0.6)
    devise (4.8.1)
      bcrypt (~> 3.0)
      orm_adapter (~> 0.1)
      railties (>= 4.1.0)
      responders
      warden (~> 1.2.3)
    digest (3.1.0)
    dragonfly (1.1.5)
      addressable (~> 2.3)
      multi_json (~> 1.0)
      rack (>= 1.3)
    dragonfly-s3_data_store (1.3.0)
      dragonfly (~> 1.0)
      fog-aws
    draper (4.0.2)
      actionpack (>= 5.0)
      activemodel (>= 5.0)
      activemodel-serializers-xml (>= 1.0)
      activesupport (>= 5.0)
      request_store (>= 1.0)
      ruby2_keywords
    erubi (1.10.0)
    excon (0.92.3)
    ffi (1.15.5)
    fog-aws (3.14.0)
      fog-core (~> 2.1)
      fog-json (~> 1.1)
      fog-xml (~> 0.1)
    fog-core (2.3.0)
      builder
      excon (~> 0.71)
      formatador (>= 0.2, < 2.0)
      mime-types
    fog-json (1.2.0)
      fog-core
      multi_json (~> 1.10)
    fog-xml (0.1.4)
      fog-core
      nokogiri (>= 1.5.11, < 2.0.0)
    font-awesome-rails (4.7.0.8)
      railties (>= 3.2, < 8.0)
    formatador (1.1.0)
    globalid (1.0.0)
      activesupport (>= 5.0)
    i18n (1.11.0)
      concurrent-ruby (~> 1.0)
    impressionist (1.6.1)
      nokogiri (~> 1)
    jquery-rails (4.5.0)
      rails-dom-testing (>= 1, < 3)
      railties (>= 4.2.0)
      thor (>= 0.14, < 2.0)
    jquery-ui-rails (6.0.1)
      railties (>= 3.2.16)
    kaminari (1.2.2)
      activesupport (>= 4.1.0)
      kaminari-actionview (= 1.2.2)
      kaminari-activerecord (= 1.2.2)
      kaminari-core (= 1.2.2)
    kaminari-actionview (1.2.2)
      actionview
      kaminari-core (= 1.2.2)
    kaminari-activerecord (1.2.2)
      activerecord
      kaminari-core (= 1.2.2)
    kaminari-core (1.2.2)
    loofah (2.18.0)
      crass (~> 1.0.2)
      nokogiri (>= 1.5.9)
    mail (2.7.1)
      mini_mime (>= 0.1.1)
    marcel (1.0.2)
    meta-tags (2.17.0)
      actionpack (>= 3.2.0, < 7.1)
    method_source (1.0.0)
    mime-types (3.4.1)
      mime-types-data (~> 3.2015)
    mime-types-data (3.2022.0105)
    mini_mime (1.1.2)
    mini_portile2 (2.8.0)
    minitest (5.16.2)
    multi_json (1.15.0)
    net-imap (0.2.3)
      digest
      net-protocol
      strscan
    net-pop (0.1.1)
      digest
      net-protocol
      timeout
    net-protocol (0.1.3)
      timeout
    net-smtp (0.3.1)
      digest
      net-protocol
      timeout
    nio4r (2.5.8)
    nokogiri (1.13.7)
      mini_portile2 (~> 2.8.0)
      racc (~> 1.4)
    orm_adapter (0.5.0)
    public_suffix (4.0.7)
    pundit (2.2.0)
      activesupport (>= 3.0.0)
    racc (1.6.0)
    rack (2.2.4)
    rack-test (2.0.2)
      rack (>= 1.3)
    rails (7.0.3.1)
      actioncable (= 7.0.3.1)
      actionmailbox (= 7.0.3.1)
      actionmailer (= 7.0.3.1)
      actionpack (= 7.0.3.1)
      actiontext (= 7.0.3.1)
      actionview (= 7.0.3.1)
      activejob (= 7.0.3.1)
      activemodel (= 7.0.3.1)
      activerecord (= 7.0.3.1)
      activestorage (= 7.0.3.1)
      activesupport (= 7.0.3.1)
      bundler (>= 1.15.0)
      railties (= 7.0.3.1)
    rails-dom-testing (2.0.3)
      activesupport (>= 4.2.0)
      nokogiri (>= 1.6)
    rails-html-sanitizer (1.4.3)
      loofah (~> 2.3)
    rails-i18n (7.0.5)
      i18n (>= 0.7, < 2)
      railties (>= 6.0.0, < 8)
    railties (7.0.3.1)
      actionpack (= 7.0.3.1)
      activesupport (= 7.0.3.1)
      method_source
      rake (>= 12.2)
      thor (~> 1.0)
      zeitwerk (~> 2.5)
    rake (13.0.6)
    ranked-model (0.4.8)
      activerecord (>= 4.2)
    ransack (3.2.1)
      activerecord (>= 6.1.5)
      activesupport (>= 6.1.5)
      i18n
    rb-fsevent (0.11.1)
    rb-inotify (0.10.1)
      ffi (~> 1.0)
    request_store (1.5.1)
      rack (>= 1.4)
    responders (3.0.1)
      actionpack (>= 5.0)
      railties (>= 5.0)
    rolify (6.0.0)
    ruby-oembed (0.16.1)
    ruby2_keywords (0.0.5)
    sass (3.7.4)
      sass-listen (~> 4.0.0)
    sass-listen (4.0.0)
      rb-fsevent (~> 0.9, >= 0.9.4)
      rb-inotify (~> 0.9, >= 0.9.7)
    sass-rails (5.1.0)
      railties (>= 5.2.0)
      sass (~> 3.1)
      sprockets (>= 2.8, < 4.0)
      sprockets-rails (>= 2.0, < 4.0)
      tilt (>= 1.1, < 3)
    select2-rails (4.0.13)
    slim (4.1.0)
      temple (>= 0.7.6, < 0.9)
      tilt (>= 2.0.6, < 2.1)
    slim-rails (3.5.1)
      actionpack (>= 3.1)
      railties (>= 3.1)
      slim (>= 3.0, < 5.0)
    sprockets (3.7.2)
      concurrent-ruby (~> 1.0)
      rack (> 1, < 3)
    sprockets-rails (3.4.2)
      actionpack (>= 5.2)
      activesupport (>= 5.2)
      sprockets (>= 3.0.0)
    sqlite3 (1.4.1)
    strscan (3.0.3)
    temple (0.8.2)
    thor (1.2.1)
    tilt (2.0.10)
    timeout (0.3.0)
    tzinfo (2.0.4)
      concurrent-ruby (~> 1.0)
    warden (1.2.9)
      rack (>= 2.0.9)
    websocket-driver (0.7.5)
      websocket-extensions (>= 0.1.0)
    websocket-extensions (0.1.5)
    zeitwerk (2.6.0)

PLATFORMS
  ruby

DEPENDENCIES
  ebisu!
  ebisu_admin!
  sqlite3

BUNDLED WITH
   1.17.2
